GEM
  remote: https://rubygems.org/
  specs:
    actioncable (8.0.0.1)
      actionpack (= 8.0.0.1)
      activesupport (= 8.0.0.1)
      nio4r (~> 2.0)
      websocket-driver (>= 0.6.1)
      zeitwerk (~> 2.6)
    actionmailbox (8.0.0.1)
      actionpack (= 8.0.0.1)
      activejob (= 8.0.0.1)
      activerecord (= 8.0.0.1)
      activestorage (= 8.0.0.1)
      activesupport (= 8.0.0.1)
      mail (>= 2.8.0)
    actionmailer (8.0.0.1)
      actionpack (= 8.0.0.1)
      actionview (= 8.0.0.1)
      activejob (= 8.0.0.1)
      activesupport (= 8.0.0.1)
      mail (>= 2.8.0)
      rails-dom-testing (~> 2.2)
    actionpack (8.0.0.1)
      actionview (= 8.0.0.1)
      activesupport (= 8.0.0.1)
      nokogiri (>= 1.8.5)
      rack (>= 2.2.4)
      rack-session (>= 1.0.1)
      rack-test (>= 0.6.3)
      rails-dom-testing (~> 2.2)
      rails-html-sanitizer (~> 1.6)
      useragent (~> 0.16)
    actiontext (8.0.0.1)
      actionpack (= 8.0.0.1)
      activerecord (= 8.0.0.1)
      activestorage (= 8.0.0.1)
      activesupport (= 8.0.0.1)
      globalid (>= 0.6.0)
      nokogiri (>= 1.8.5)
    actionview (8.0.0.1)
      activesupport (= 8.0.0.1)
      builder (~> 3.1)
      erubi (~> 1.11)
      rails-dom-testing (~> 2.2)
      rails-html-sanitizer (~> 1.6)
    activejob (8.0.0.1)
      activesupport (= 8.0.0.1)
      globalid (>= 0.3.6)
    activemodel (8.0.0.1)
      activesupport (= 8.0.0.1)
    activerecord (8.0.0.1)
      activemodel (= 8.0.0.1)
      activesupport (= 8.0.0.1)
      timeout (>= 0.4.0)
    activerecord-postgres_enum (2.1.0)
      activerecord (>= 5.2)
      pg
    activestorage (8.0.0.1)
      actionpack (= 8.0.0.1)
      activejob (= 8.0.0.1)
      activerecord (= 8.0.0.1)
      activesupport (= 8.0.0.1)
      marcel (~> 1.0)
    activesupport (8.0.0.1)
      base64
      benchmark (>= 0.3)
      bigdecimal
      concurrent-ruby (~> 1.0, >= 1.3.1)
      connection_pool (>= 2.2.5)
      drb
      i18n (>= 1.6, < 2)
      logger (>= 1.4.2)
      minitest (>= 5.1)
      securerandom (>= 0.3)
      tzinfo (~> 2.0, >= 2.0.5)
      uri (>= 0.13.1)
    addressable (2.8.7)
      public_suffix (>= 2.0.2, < 7.0)
    ast (2.4.2)
    base64 (0.2.0)
    benchmark (0.4.0)
    bigdecimal (3.1.9)
    bugsnag (6.27.1)
      concurrent-ruby (~> 1.0)
    builder (3.3.0)
    childprocess (5.1.0)
      logger (~> 1.5)
    concurrent-ruby (1.3.4)
    connection_pool (2.4.1)
    crack (1.0.0)
      bigdecimal
      rexml
    crass (1.0.6)
    date (3.4.1)
    diff-lcs (1.5.1)
    dotenv (3.1.7)
    dotenv-rails (3.1.7)
      dotenv (= 3.1.7)
      railties (>= 6.1)
    drb (2.2.1)
    dry-cli (1.2.0)
    dry-core (1.0.2)
      concurrent-ruby (~> 1.0)
      logger
      zeitwerk (~> 2.6)
    dry-inflector (1.1.0)
    dry-logic (1.5.0)
      concurrent-ruby (~> 1.0)
      dry-core (~> 1.0, < 2)
      zeitwerk (~> 2.6)
    dry-struct (1.6.0)
      dry-core (~> 1.0, < 2)
      dry-types (>= 1.7, < 2)
      ice_nine (~> 0.11)
      zeitwerk (~> 2.6)
    dry-types (1.7.2)
      bigdecimal (~> 3.0)
      concurrent-ruby (~> 1.0)
      dry-core (~> 1.0)
      dry-inflector (~> 1.0)
      dry-logic (~> 1.4)
      zeitwerk (~> 2.6)
    email_validator (2.2.4)
      activemodel
    erubi (1.13.1)
    ffi (1.17.0)
    ffi (1.17.0-aarch64-linux-gnu)
    ffi (1.17.0-arm-linux-gnu)
    ffi (1.17.0-arm64-darwin)
    ffi (1.17.0-x86-linux-gnu)
    ffi (1.17.0-x86_64-darwin)
    ffi (1.17.0-x86_64-linux-gnu)
    globalid (1.2.1)
      activesupport (>= 6.1)
    hashdiff (1.1.2)
    i18n (1.14.6)
      concurrent-ruby (~> 1.0)
    ice_nine (0.11.2)
    io-console (0.8.0)
    irb (1.14.3)
      rdoc (>= 4.0.0)
      reline (>= 0.4.2)
    json (2.9.1)
    language_server-protocol (3.17.0.3)
    launchy (3.0.1)
      addressable (~> 2.8)
      childprocess (~> 5.0)
    letter_opener (1.10.0)
      launchy (>= 2.2, < 4)
    listen (3.9.0)
      rb-fsevent (~> 0.10, >= 0.10.3)
      rb-inotify (~> 0.9, >= 0.9.10)
    logger (1.6.4)
    loofah (2.23.1)
      crass (~> 1.0.2)
      nokogiri (>= 1.12.0)
    mail (2.8.1)
      mini_mime (>= 0.1.1)
      net-imap
      net-pop
      net-smtp
    marcel (1.0.4)
    mini_mime (1.1.5)
    mini_portile2 (2.8.8)
    minitest (5.25.4)
    mutex_m (0.3.0)
    net-imap (0.5.4)
      date
      net-protocol
    net-pop (0.1.2)
      net-protocol
    net-protocol (0.2.2)
      timeout
    net-smtp (0.5.0)
      net-protocol
    nio4r (2.7.4)
    nokogiri (1.17.2)
      mini_portile2 (~> 2.8.2)
      racc (~> 1.4)
    nokogiri (1.17.2-aarch64-linux)
      racc (~> 1.4)
    nokogiri (1.17.2-arm-linux)
      racc (~> 1.4)
    nokogiri (1.17.2-arm64-darwin)
      racc (~> 1.4)
    nokogiri (1.17.2-x86-linux)
      racc (~> 1.4)
    nokogiri (1.17.2-x86_64-darwin)
      racc (~> 1.4)
    nokogiri (1.17.2-x86_64-linux)
      racc (~> 1.4)
    oj (3.16.8)
      bigdecimal (>= 3.0)
      ostruct (>= 0.2)
    oj_serializers (2.0.3)
      oj (>= 3.14.0)
    ostruct (0.6.1)
    parallel (1.26.3)
    parser (3.3.6.0)
      ast (~> 2.4.1)
      racc
    pg (1.5.9)
    psych (5.2.2)
      date
      stringio
    public_suffix (6.0.1)
    puma (6.5.0)
      nio4r (~> 2.0)
    racc (1.8.1)
    rack (3.1.8)
    rack-proxy (0.7.7)
      rack
    rack-session (2.0.0)
      rack (>= 3.0.0)
    rack-test (2.2.0)
      rack (>= 1.3)
    rackup (2.2.1)
      rack (>= 3)
    rails (8.0.0.1)
      actioncable (= 8.0.0.1)
      actionmailbox (= 8.0.0.1)
      actionmailer (= 8.0.0.1)
      actionpack (= 8.0.0.1)
      actiontext (= 8.0.0.1)
      actionview (= 8.0.0.1)
      activejob (= 8.0.0.1)
      activemodel (= 8.0.0.1)
      activerecord (= 8.0.0.1)
      activestorage (= 8.0.0.1)
      activesupport (= 8.0.0.1)
      bundler (>= 1.15.0)
      railties (= 8.0.0.1)
    rails-dom-testing (2.2.0)
      activesupport (>= 5.0.0)
      minitest
      nokogiri (>= 1.6)
    rails-html-sanitizer (1.6.2)
      loofah (~> 2.21)
      nokogiri (>= 1.15.7, != 1.16.7, != 1.16.6, != 1.16.5, != 1.16.4, != 1.16.3, != 1.16.2, != 1.16.1, != 1.16.0.rc1, != 1.16.0)
    railties (8.0.0.1)
      actionpack (= 8.0.0.1)
      activesupport (= 8.0.0.1)
      irb (~> 1.13)
      rackup (>= 1.0.0)
      rake (>= 12.2)
      thor (~> 1.0, >= 1.2.2)
      zeitwerk (~> 2.6)
    rainbow (3.1.1)
    rake (13.2.1)
    rb-fsevent (0.11.2)
    rb-inotify (0.11.1)
      ffi (~> 1.0)
    rdoc (6.10.0)
      psych (>= 4.0.0)
    regexp_parser (2.10.0)
    reline (0.6.0)
      io-console (~> 0.5)
    rexml (3.4.0)
    rspec-core (3.13.2)
      rspec-support (~> 3.13.0)
    rspec-expectations (3.13.3)
      diff-lcs (>= 1.2.0, < 2.0)
      rspec-support (~> 3.13.0)
    rspec-mocks (3.13.2)
      diff-lcs (>= 1.2.0, < 2.0)
      rspec-support (~> 3.13.0)
    rspec-rails (7.1.0)
      actionpack (>= 7.0)
      activesupport (>= 7.0)
      railties (>= 7.0)
      rspec-core (~> 3.13)
      rspec-expectations (~> 3.13)
      rspec-mocks (~> 3.13)
      rspec-support (~> 3.13)
    rspec-support (3.13.2)
    rubocop (1.69.2)
      json (~> 2.3)
      language_server-protocol (>= 3.17.0)
      parallel (~> 1.10)
      parser (>= 3.3.0.2)
      rainbow (>= 2.2.2, < 4.0)
      regexp_parser (>= 2.9.3, < 3.0)
      rubocop-ast (>= 1.36.2, < 2.0)
      ruby-progressbar (~> 1.7)
      unicode-display_width (>= 2.4.0, < 4.0)
    rubocop-ast (1.37.0)
      parser (>= 3.3.1.0)
    rubocop-rails (2.27.0)
      activesupport (>= 4.2.0)
      rack (>= 1.1)
      rubocop (>= 1.52.0, < 2.0)
      rubocop-ast (>= 1.31.1, < 2.0)
    rubocop-rspec (3.3.0)
      rubocop (~> 1.61)
    rubocop-rspec_rails (2.30.0)
      rubocop (~> 1.61)
      rubocop-rspec (~> 3, >= 3.0.1)
    ruby-progressbar (1.13.0)
    securerandom (0.4.1)
    stringio (3.1.2)
    sucker_punch (3.2.0)
      concurrent-ruby (~> 1.0)
    thor (1.3.2)
    timeout (0.4.3)
    tzinfo (2.0.6)
      concurrent-ruby (~> 1.0)
    unicode-display_width (3.1.3)
      unicode-emoji (~> 4.0, >= 4.0.4)
    unicode-emoji (4.0.4)
    uri (1.0.2)
    useragent (0.16.11)
    vite_rails (3.0.19)
      railties (>= 5.1, < 9)
      vite_ruby (~> 3.0, >= 3.2.2)
    vite_ruby (3.9.1)
      dry-cli (>= 0.7, < 2)
      logger (~> 1.6)
      mutex_m
      rack-proxy (~> 0.6, >= 0.6.1)
      zeitwerk (~> 2.2)
    webmock (3.24.0)
      addressable (>= 2.8.0)
      crack (>= 0.3.2)
      hashdiff (>= 0.4.0, < 2.0.0)
    websocket-driver (0.7.6)
      websocket-extensions (>= 0.1.0)
    websocket-extensions (0.1.5)
    zeitwerk (2.7.1)

PLATFORMS
  aarch64-linux
  arm-linux
  arm64-darwin
  ruby
  x86-linux
  x86_64-darwin
  x86_64-linux

DEPENDENCIES
  activerecord-postgres_enum
  bugsnag
  dotenv-rails
  dry-struct
  email_validator
  letter_opener
  listen
  nokogiri
  oj_serializers
  pg
  puma
  rails
  rspec-rails
  rubocop
  rubocop-rails
  rubocop-rspec
  rubocop-rspec_rails
  sucker_punch
  vite_rails
  webmock

CHECKSUMS
  actioncable (8.0.0.1) sha256=cfe444bcd1e22efe8130989ba73e0c8086606fde1d2f0043babb33e3ed2f0118
  actionmailbox (8.0.0.1) sha256=a776880786fdbc20c3ceef6e52003a327de34abc668ce3edf8d6aae043f15346
  actionmailer (8.0.0.1) sha256=152f1502f3e8725c97e12ad9d6354bd3995ebac913392639c35df11e3e6e78fd
  actionpack (8.0.0.1) sha256=0a31046e0a9b39f28898eaca465843b7146adf781bd85bd60efd812eb17fff0e
  actiontext (8.0.0.1) sha256=3d2e656556aed2e14fa0c6e54e7f7af1376b6bd2b49bfebd3312f6ef87fdb0e7
  actionview (8.0.0.1) sha256=39bd66e6b75eee9a7aa9d5902f092cf9834a7f46aecf5463b53ebe8d069e0379
  activejob (8.0.0.1) sha256=f95af88f460f4d77e008532fa1d70820c5a0bdf6a6e0e52a297d476564eff44e
  activemodel (8.0.0.1) sha256=aba84f3bf9d382ce0074defd6da8dfe20957c1d98aeed5172e3c42882455e1ec
  activerecord (8.0.0.1) sha256=23f20decbcbc4ffd3ddaf5000d0f07cf8bca5972203f0fdf4ba651e3b6080dee
  activerecord-postgres_enum (2.1.0) sha256=26b91c3c036864e7dbe2f2b53938d23cdaded140df6f679d61c437db0bfd7070
  activestorage (8.0.0.1) sha256=9687fe2eea60c9868d60f1dd56b2e3f0fa7e709629cbcdb4eae8a28b36d9e0b6
  activesupport (8.0.0.1) sha256=8d4df7918f51533bf6269e2a7d18f5bce929a2a380d41473b6bd6b04161ab251
  addressable (2.8.7) sha256=462986537cf3735ab5f3c0f557f14155d778f4b43ea4f485a9deb9c8f7c58232
  ast (2.4.2) sha256=1e280232e6a33754cde542bc5ef85520b74db2aac73ec14acef453784447cc12
  base64 (0.2.0) sha256=0f25e9b21a02a0cc0cea8ef92b2041035d39350946e8789c562b2d1a3da01507
  benchmark (0.4.0) sha256=0f12f8c495545e3710c3e4f0480f63f06b4c842cc94cec7f33a956f5180e874a
  bigdecimal (3.1.9) sha256=2ffc742031521ad69c2dfc815a98e426a230a3d22aeac1995826a75dabfad8cc
  bugsnag (6.27.1) sha256=9629e73e106c6eed99da7bffe9392a656abd16251fe95a9d7db66c08951e7f25
  builder (3.3.0) sha256=497918d2f9dca528fdca4b88d84e4ef4387256d984b8154e9d5d3fe5a9c8835f
  childprocess (5.1.0) sha256=9a8d484be2fd4096a0e90a0cd3e449a05bc3aa33f8ac9e4d6dcef6ac1455b6ec
  concurrent-ruby (1.3.4) sha256=d4aa926339b0a86b5b5054a0a8c580163e6f5dcbdfd0f4bb916b1a2570731c32
  connection_pool (2.4.1) sha256=0f40cf997091f1f04ff66da67eabd61a9fe0d4928b9a3645228532512fab62f4
  crack (1.0.0) sha256=c83aefdb428cdc7b66c7f287e488c796f055c0839e6e545fec2c7047743c4a49
  crass (1.0.6) sha256=dc516022a56e7b3b156099abc81b6d2b08ea1ed12676ac7a5657617f012bd45d
  date (3.4.1) sha256=bf268e14ef7158009bfeaec40b5fa3c7271906e88b196d958a89d4b408abe64f
  diff-lcs (1.5.1) sha256=273223dfb40685548436d32b4733aa67351769c7dea621da7d9dd4813e63ddfe
  dotenv (3.1.7) sha256=c670df478675d23889e657beaca6fb423228f75ce9f052a0690c0d0daa333cf3
  dotenv-rails (3.1.7) sha256=02c07b9601ad64046e196f48f6280c2cc660b073e08b30ad5c2f78b4872e9189
  drb (2.2.1) sha256=e9d472bf785f558b96b25358bae115646da0dbfd45107ad858b0bc0d935cb340
  dry-cli (1.2.0) sha256=8c97df3b290ee6354ee2025a5f0a67226b381627de32741d06f35ea0887cd95b
  dry-core (1.0.2) sha256=58d55da6308160d042ab78e9e3926b31e7deaa130893ca0b731010caa8dd27bb
  dry-inflector (1.1.0) sha256=340fb9b1b69b4355a3071f1d8fd94d97fc69d48c438748da5c13debfe5c06792
  dry-logic (1.5.0) sha256=99ed2180f1970c3d8247004f277a01dffbe8e82cf6680de9c7209312d86cd416
  dry-struct (1.6.0) sha256=3737025b3a6cd50fd4e6f42883cbb8d5e0d07680bc8310f7dc0db8c8897dd4e6
  dry-types (1.7.2) sha256=ff180fc285331e572a563408b834a78d1506ee3f5a6c7f803da2232947b0c46a
  email_validator (2.2.4) sha256=5ab238095bec7aef9389f230e9e0c64c5081cdf91f19d6c5cecee0a93af20604
  erubi (1.13.1) sha256=a082103b0885dbc5ecf1172fede897f9ebdb745a4b97a5e8dc63953db1ee4ad9
  ffi (1.17.0) sha256=51630e43425078311c056ca75f961bb3bda1641ab36e44ad4c455e0b0e4a231c
  ffi (1.17.0-aarch64-linux-gnu) sha256=228c8fb79e6b018a31c75414115a75ca65f74e8138b2c9c97d22041e4e12f2c1
  ffi (1.17.0-arm-linux-gnu) sha256=ae3b5bf4701c84263002f13eadfde35fe1e6f88720e7c6f15f1f08f46d745857
  ffi (1.17.0-arm64-darwin) sha256=609c874e76614542c6d485b0576e42a7a38ffcdf086612f9a300c4ec3fcd0d12
  ffi (1.17.0-x86-linux-gnu) sha256=81b80d24392be2b8ec6bd66da6b488fd05242af5c0868b59c8b716e5a633c8b5
  ffi (1.17.0-x86_64-darwin) sha256=fdcd48c69db3303ef95aec5c64d6275fcf9878a02c0bec0afddc506ceca0f56b
  ffi (1.17.0-x86_64-linux-gnu) sha256=1015e59d5919dd6bbcb0704325b0bd639be664a79b1e2189943ceb18faa34198
  globalid (1.2.1) sha256=70bf76711871f843dbba72beb8613229a49429d1866828476f9c9d6ccc327ce9
  hashdiff (1.1.2) sha256=2c30eeded6ed3dce8401d2b5b99e6963fe5f14ed85e60dd9e33c545a44b71a77
  i18n (1.14.6) sha256=dc229a74f5d181f09942dd60ab5d6e667f7392c4ee826f35096db36d1fe3614c
  ice_nine (0.11.2) sha256=5d506a7d2723d5592dc121b9928e4931742730131f22a1a37649df1c1e2e63db
  io-console (0.8.0) sha256=cd6a9facbc69871d69b2cb8b926fc6ea7ef06f06e505e81a64f14a470fddefa2
  irb (1.14.3) sha256=c457f1f2f1438ae9ce5c5be3981ae2138dec7fb894c7d73777eeeb0a6c0d0752
  json (2.9.1) sha256=d2bdef4644052fad91c1785d48263756fe32fcac08b96a20bb15840e96550d11
  language_server-protocol (3.17.0.3) sha256=3d5c58c02f44a20d972957a9febe386d7e7468ab3900ce6bd2b563dd910c6b3f
  launchy (3.0.1) sha256=b7fa60bda0197cf57614e271a250a8ca1f6a34ab889a3c73f67ec5d57c8a7f2c
  letter_opener (1.10.0) sha256=2ff33f2e3b5c3c26d1959be54b395c086ca6d44826e8bf41a14ff96fdf1bdbb2
  listen (3.9.0) sha256=db9e4424e0e5834480385197c139cb6b0ae0ef28cc13310cfd1ca78377d59c67
  logger (1.6.4) sha256=b627b91c922231050932e7bf8ee886fe54790ba2238a468ead52ba21911f2ee7
  loofah (2.23.1) sha256=d0a07422cb3b69272e124afa914ef6d517e30d5496b7f1c1fc5b95481f13f75e
  mail (2.8.1) sha256=ec3b9fadcf2b3755c78785cb17bc9a0ca9ee9857108a64b6f5cfc9c0b5bfc9ad
  marcel (1.0.4) sha256=0d5649feb64b8f19f3d3468b96c680bae9746335d02194270287868a661516a4
  mini_mime (1.1.5) sha256=8681b7e2e4215f2a159f9400b5816d85e9d8c6c6b491e96a12797e798f8bccef
  mini_portile2 (2.8.8) sha256=8e47136cdac04ce81750bb6c09733b37895bf06962554e4b4056d78168d70a75
  minitest (5.25.4) sha256=9cf2cae25ac4dfc90c988ebc3b917f53c054978b673273da1bd20bcb0778f947
  mutex_m (0.3.0) sha256=cfcb04ac16b69c4813777022fdceda24e9f798e48092a2b817eb4c0a782b0751
  net-imap (0.5.4) sha256=b665d23a4eeea6af725a9bda0e3dbb65f06b7907e7a3986c1bbcc5d09444599d
  net-pop (0.1.2) sha256=848b4e982013c15b2f0382792268763b748cce91c9e91e36b0f27ed26420dff3
  net-protocol (0.2.2) sha256=aa73e0cba6a125369de9837b8d8ef82a61849360eba0521900e2c3713aa162a8
  net-smtp (0.5.0) sha256=5fc0415e6ea1cc0b3dfea7270438ec22b278ca8d524986a3ae4e5ae8d087b42a
  nio4r (2.7.4) sha256=d95dee68e0bb251b8ff90ac3423a511e3b784124e5db7ff5f4813a220ae73ca9
  nokogiri (1.17.2) sha256=75825401f59b1a8746ee8ce5d066c8f11e745642e36a4452e206730b03d1fd8c
  nokogiri (1.17.2-aarch64-linux) sha256=585c8cac6380848b7973bacfd0584628d116810e5f209db25e22d0c32313e681
  nokogiri (1.17.2-arm-linux) sha256=3d033ad9b09d5b8a203f0f2156053e93a9327a9c7887c0ceb9fa78c71d27280d
  nokogiri (1.17.2-arm64-darwin) sha256=0c5eb06ba1c112d33c2bb29973b07e2f21c4ddb66c67c9386fd97ff1c5d84686
  nokogiri (1.17.2-x86-linux) sha256=8c4dd75e35810bdeb7c74943f383ca665baf6aed8fc2b78c1d305094a72794aa
  nokogiri (1.17.2-x86_64-darwin) sha256=dc5977eb3416e1d501b22b0ed4737bf7604121491405865b887975eacfb3e896
  nokogiri (1.17.2-x86_64-linux) sha256=e8614ae8d776bd9adb535ca814375e7ae05d7cfa6aa01909e561484f6d70be0b
  oj (3.16.8) sha256=a33813235d5f5fa8efad8959e44d507dfa53e9a84d3c2cff1202375cf1b5e8f8
  oj_serializers (2.0.3) sha256=a2c4bd2900fdb4f04ff11cc73e49ebdb6112400eb823099c7dc2e860d6b6d1d3
  ostruct (0.6.1) sha256=09a3fb7ecc1fa4039f25418cc05ae9c82bd520472c5c6a6f515f03e4988cb817
  parallel (1.26.3) sha256=d86babb7a2b814be9f4b81587bf0b6ce2da7d45969fab24d8ae4bf2bb4d4c7ef
  parser (3.3.6.0) sha256=25d4e67cc4f0f7cab9a2ae1f38e2005b6904d2ea13c34734511d0faad038bc3b
  pg (1.5.9) sha256=761efbdf73b66516f0c26fcbe6515dc7500c3f0aa1a1b853feae245433c64fdc
  psych (5.2.2) sha256=a4a9477c85d3e858086c38cf64e7096abe40d1b1eed248b01020dec0ff9906ab
  public_suffix (6.0.1) sha256=61d44e1cab5cbbbe5b31068481cf16976dd0dc1b6b07bd95617ef8c5e3e00c6f
  puma (6.5.0) sha256=94d1b75cab7f356d52e4f1b17b9040a090889b341dbeee6ee3703f441dc189f2
  racc (1.8.1) sha256=4a7f6929691dbec8b5209a0b373bc2614882b55fc5d2e447a21aaa691303d62f
  rack (3.1.8) sha256=d3fbcbca43dc2b43c9c6d7dfbac01667ae58643c42cea10013d0da970218a1b1
  rack-proxy (0.7.7) sha256=446a4b57001022145d5c3ba73b775f66a2260eaf7420c6907483141900395c8a
  rack-session (2.0.0) sha256=db04b2063e180369192a9046b4559af311990af38c6a93d4c600cee4eb6d4e81
  rack-test (2.2.0) sha256=005a36692c306ac0b4a9350355ee080fd09ddef1148a5f8b2ac636c720f5c463
  rackup (2.2.1) sha256=f737191fd5c5b348b7f0a4412a3b86383f88c43e13b8217b63d4c8d90b9e798d
  rails (8.0.0.1) sha256=67d612af8bb25a285359dc0bfc40deb2060a7511dcad7f3d9deee3c83c440dd1
  rails-dom-testing (2.2.0) sha256=e515712e48df1f687a1d7c380fd7b07b8558faa26464474da64183a7426fa93b
  rails-html-sanitizer (1.6.2) sha256=35fce2ca8242da8775c83b6ba9c1bcaad6751d9eb73c1abaa8403475ab89a560
  railties (8.0.0.1) sha256=64261d06f39115f49e378160e4ef98903fbf14b14944a764d45e5fe2600186c6
  rainbow (3.1.1) sha256=039491aa3a89f42efa1d6dec2fc4e62ede96eb6acd95e52f1ad581182b79bc6a
  rake (13.2.1) sha256=46cb38dae65d7d74b6020a4ac9d48afed8eb8149c040eccf0523bec91907059d
  rb-fsevent (0.11.2) sha256=43900b972e7301d6570f64b850a5aa67833ee7d87b458ee92805d56b7318aefe
  rb-inotify (0.11.1) sha256=a0a700441239b0ff18eb65e3866236cd78613d6b9f78fea1f9ac47a85e47be6e
  rdoc (6.10.0) sha256=db665021883ac9df3ba29cdf71aece960749888db1bf9615b4a584cfa3fa3eda
  regexp_parser (2.10.0) sha256=cb6f0ddde88772cd64bff1dbbf68df66d376043fe2e66a9ef77fcb1b0c548c61
  reline (0.6.0) sha256=57620375dcbe56ec09bac7192bfb7460c716bbf0054dc94345ecaa5438e539d2
  rexml (3.4.0) sha256=efbea1efba7fa151158e0ee1e643525834da2d8eb4cf744aa68f6480bc9804b2
  rspec-core (3.13.2) sha256=94fbda6e4738e478f1c7532b7cc241272fcdc8b9eac03a97338b1122e4573300
  rspec-expectations (3.13.3) sha256=0e6b5af59b900147698ea0ff80456c4f2e69cac4394fbd392fbd1ca561f66c58
  rspec-mocks (3.13.2) sha256=2327335def0e1665325a9b617e3af9ae20272741d80ac550336309a7c59abdef
  rspec-rails (7.1.0) sha256=94585b69c4086ca79afae5cc8d2c5e314f6ad32a88c927f9c065b99596e3ee47
  rspec-support (3.13.2) sha256=cea3a2463fd9b84b9dcc9685efd80ea701aa8f7b3decb3b3ce795ed67737dbec
  rubocop (1.69.2) sha256=762fb0f30a379bf6054588d39f1815a2a1df8f067bc0337d3fe500e346924bb8
  rubocop-ast (1.37.0) sha256=9513ac88aaf113d04b52912533ffe46475de1362d4aa41141b51b2455827c080
  rubocop-rails (2.27.0) sha256=c3a6cef509539cdefe5043992ab3530610b1fecc3d67befe3ff0215b96f2f4fe
  rubocop-rspec (3.3.0) sha256=79e1b281a689044d1516fefbc52e2e6c06cd367c25ebeaf06a7a198e9071cd7d
  rubocop-rspec_rails (2.30.0) sha256=888112e83f9d7ef7ad2397e9d69a0b9614a4bae24f072c399804a180f80c4c46
  ruby-progressbar (1.13.0) sha256=80fc9c47a9b640d6834e0dc7b3c94c9df37f08cb072b7761e4a71e22cff29b33
  securerandom (0.4.1) sha256=cc5193d414a4341b6e225f0cb4446aceca8e50d5e1888743fac16987638ea0b1
  stringio (3.1.2) sha256=204f1828f85cdb39d57cac4abc6dc44b04505a223f131587f2e20ae3729ba131
  sucker_punch (3.2.0) sha256=8eeb8d59254210f85b57fc9534c5a64f5e7d7498060dd6b9b50e33a89b100567
  thor (1.3.2) sha256=eef0293b9e24158ccad7ab383ae83534b7ad4ed99c09f96f1a6b036550abbeda
  timeout (0.4.3) sha256=9509f079b2b55fe4236d79633bd75e34c1c1e7e3fb4b56cb5fda61f80a0fe30e
  tzinfo (2.0.6) sha256=8daf828cc77bcf7d63b0e3bdb6caa47e2272dcfaf4fbfe46f8c3a9df087a829b
  unicode-display_width (3.1.3) sha256=dbbbb0fddc2941a5d3582d8f991aad6df1defb83741649a07d27cccc4c95c942
  unicode-emoji (4.0.4) sha256=2c2c4ef7f353e5809497126285a50b23056cc6e61b64433764a35eff6c36532a
  uri (1.0.2) sha256=b303504ceb7e5905771fa7fa14b649652fa949df18b5880d69cfb12494791e27
  useragent (0.16.11) sha256=700e6413ad4bb954bb63547fa098dddf7b0ebe75b40cc6f93b8d54255b173844
  vite_rails (3.0.19) sha256=195c44677bc05c1f94e7a69f1264e49d4bad2729ab06538ee858c2962f5bb500
  vite_ruby (3.9.1) sha256=e4584a4ba1578602f13a3ac73402007aed044bd660daaac220523a97c49a4cc4
  webmock (3.24.0) sha256=be01357f6fc773606337ca79f3ba332b7d52cbe5c27587671abc0572dbec7122
  websocket-driver (0.7.6) sha256=f69400be7bc197879726ad8e6f5869a61823147372fd8928836a53c2c741d0db
  websocket-extensions (0.1.5) sha256=1c6ba63092cda343eb53fc657110c71c754c56484aad42578495227d717a8241
  zeitwerk (2.7.1) sha256=0945986050e4907140895378e74df1fe882a2271ed087cc6c6d6b00d415a2756

RUBY VERSION
   ruby 3.3.6p108

BUNDLED WITH
   2.6.1
