GEM
  remote: https://rubygems.org/
  specs:
    actioncable (8.0.2)
      actionpack (= 8.0.2)
      activesupport (= 8.0.2)
      nio4r (~> 2.0)
      websocket-driver (>= 0.6.1)
      zeitwerk (~> 2.6)
    actionmailbox (8.0.2)
      actionpack (= 8.0.2)
      activejob (= 8.0.2)
      activerecord (= 8.0.2)
      activestorage (= 8.0.2)
      activesupport (= 8.0.2)
      mail (>= 2.8.0)
    actionmailer (8.0.2)
      actionpack (= 8.0.2)
      actionview (= 8.0.2)
      activejob (= 8.0.2)
      activesupport (= 8.0.2)
      mail (>= 2.8.0)
      rails-dom-testing (~> 2.2)
    actionpack (8.0.2)
      actionview (= 8.0.2)
      activesupport (= 8.0.2)
      nokogiri (>= 1.8.5)
      rack (>= 2.2.4)
      rack-session (>= 1.0.1)
      rack-test (>= 0.6.3)
      rails-dom-testing (~> 2.2)
      rails-html-sanitizer (~> 1.6)
      useragent (~> 0.16)
    actiontext (8.0.2)
      actionpack (= 8.0.2)
      activerecord (= 8.0.2)
      activestorage (= 8.0.2)
      activesupport (= 8.0.2)
      globalid (>= 0.6.0)
      nokogiri (>= 1.8.5)
    actionview (8.0.2)
      activesupport (= 8.0.2)
      builder (~> 3.1)
      erubi (~> 1.11)
      rails-dom-testing (~> 2.2)
      rails-html-sanitizer (~> 1.6)
    activejob (8.0.2)
      activesupport (= 8.0.2)
      globalid (>= 0.3.6)
    activemodel (8.0.2)
      activesupport (= 8.0.2)
    activerecord (8.0.2)
      activemodel (= 8.0.2)
      activesupport (= 8.0.2)
      timeout (>= 0.4.0)
    activerecord-session_store (2.2.0)
      actionpack (>= 7.0)
      activerecord (>= 7.0)
      cgi (>= 0.3.6)
      rack (>= 2.0.8, < 4)
      railties (>= 7.0)
    activestorage (8.0.2)
      actionpack (= 8.0.2)
      activejob (= 8.0.2)
      activerecord (= 8.0.2)
      activesupport (= 8.0.2)
      marcel (~> 1.0)
    activesupport (8.0.2)
      base64
      benchmark (>= 0.3)
      bigdecimal
      concurrent-ruby (~> 1.0, >= 1.3.1)
      connection_pool (>= 2.2.5)
      drb
      i18n (>= 1.6, < 2)
      logger (>= 1.4.2)
      minitest (>= 5.1)
      securerandom (>= 0.3)
      tzinfo (~> 2.0, >= 2.0.5)
      uri (>= 0.13.1)
    addressable (2.8.7)
      public_suffix (>= 2.0.2, < 7.0)
    ast (2.4.3)
    base64 (0.3.0)
    benchmark (0.4.1)
    better_html (2.1.1)
      actionview (>= 6.0)
      activesupport (>= 6.0)
      ast (~> 2.0)
      erubi (~> 1.4)
      parser (>= 2.4)
      smart_properties
    bigdecimal (3.2.2)
    bugsnag (6.28.0)
      concurrent-ruby (~> 1.0)
    builder (3.3.0)
    capybara (3.40.0)
      addressable
      matrix
      mini_mime (>= 0.1.3)
      nokogiri (~> 1.11)
      rack (>= 1.6.0)
      rack-test (>= 0.6.3)
      regexp_parser (>= 1.5, < 3.0)
      xpath (~> 3.2)
    capybara-playwright-driver (0.5.6)
      addressable
      capybara
      playwright-ruby-client (>= 1.16.0)
    cgi (0.5.0)
    childprocess (5.1.0)
      logger (~> 1.5)
    concurrent-ruby (1.3.5)
    connection_pool (2.5.3)
    crack (1.0.0)
      bigdecimal
      rexml
    crass (1.0.6)
    cssbundling-rails (1.4.3)
      railties (>= 6.0.0)
    date (3.4.1)
    docile (1.4.1)
    dotenv (3.1.8)
    dotenv-rails (3.1.8)
      dotenv (= 3.1.8)
      railties (>= 6.1)
    drb (2.2.3)
    dry-core (1.1.0)
      concurrent-ruby (~> 1.0)
      logger
      zeitwerk (~> 2.6)
    dry-inflector (1.2.0)
    dry-logic (1.6.0)
      bigdecimal
      concurrent-ruby (~> 1.0)
      dry-core (~> 1.1)
      zeitwerk (~> 2.6)
    dry-struct (1.8.0)
      dry-core (~> 1.1)
      dry-types (~> 1.8, >= 1.8.2)
      ice_nine (~> 0.11)
      zeitwerk (~> 2.6)
    dry-types (1.8.3)
      bigdecimal (~> 3.0)
      concurrent-ruby (~> 1.0)
      dry-core (~> 1.0)
      dry-inflector (~> 1.0)
      dry-logic (~> 1.4)
      zeitwerk (~> 2.6)
    email_validator (2.2.4)
      activemodel
    erb (5.0.2)
    erb_lint (0.9.0)
      activesupport
      better_html (>= 2.0.1)
      parser (>= 2.7.1.4)
      rainbow
      rubocop (>= 1)
      smart_properties
    erubi (1.13.1)
    ffi (1.17.2)
    ffi (1.17.2-aarch64-linux-gnu)
    ffi (1.17.2-arm-linux-gnu)
    ffi (1.17.2-arm64-darwin)
    ffi (1.17.2-x86-linux-gnu)
    ffi (1.17.2-x86_64-darwin)
    ffi (1.17.2-x86_64-linux-gnu)
    globalid (1.2.1)
      activesupport (>= 6.1)
    hashdiff (1.2.0)
    herb (0.4.0)
    herb (0.4.0-aarch64-linux-gnu)
    herb (0.4.0-arm64-darwin)
    herb (0.4.0-x86-linux-gnu)
    herb (0.4.0-x86_64-darwin)
    herb (0.4.0-x86_64-linux-gnu)
    i18n (1.14.7)
      concurrent-ruby (~> 1.0)
    ice_nine (0.11.2)
    io-console (0.8.1)
    irb (1.15.2)
      pp (>= 0.6.0)
      rdoc (>= 4.0.0)
      reline (>= 0.4.2)
    jsbundling-rails (1.3.1)
      railties (>= 6.0.0)
    json (2.12.2)
    kramdown (2.5.1)
      rexml (>= 3.3.9)
    kramdown-parser-gfm (1.1.0)
      kramdown (~> 2.0)
    language_server-protocol (3.17.0.5)
    launchy (3.1.1)
      addressable (~> 2.8)
      childprocess (~> 5.0)
      logger (~> 1.6)
    letter_opener (1.10.0)
      launchy (>= 2.2, < 4)
    lint_roller (1.1.0)
    listen (3.9.0)
      rb-fsevent (~> 0.10, >= 0.10.3)
      rb-inotify (~> 0.9, >= 0.9.10)
    logger (1.7.0)
    loofah (2.24.1)
      crass (~> 1.0.2)
      nokogiri (>= 1.12.0)
    mail (2.8.1)
      mini_mime (>= 0.1.1)
      net-imap
      net-pop
      net-smtp
    marcel (1.0.4)
    matrix (0.4.3)
    mime-types (3.7.0)
      logger
      mime-types-data (~> 3.2025, >= 3.2025.0507)
    mime-types-data (3.2025.0610)
    mini_mime (1.1.5)
    mini_portile2 (2.8.9)
    minitest (5.25.5)
    net-imap (0.5.8)
      date
      net-protocol
    net-pop (0.1.2)
      net-protocol
    net-protocol (0.2.2)
      timeout
    net-smtp (0.5.1)
      net-protocol
    nio4r (2.7.4)
    nokogiri (1.18.8)
      mini_portile2 (~> 2.8.2)
      racc (~> 1.4)
    nokogiri (1.18.8-aarch64-linux-gnu)
      racc (~> 1.4)
    nokogiri (1.18.8-arm-linux-gnu)
      racc (~> 1.4)
    nokogiri (1.18.8-arm64-darwin)
      racc (~> 1.4)
    nokogiri (1.18.8-x86_64-darwin)
      racc (~> 1.4)
    nokogiri (1.18.8-x86_64-linux-gnu)
      racc (~> 1.4)
    ostruct (0.6.3)
    parallel (1.27.0)
    parser (3.3.8.0)
      ast (~> 2.4.1)
      racc
    pg (1.5.9)
    playwright-ruby-client (1.52.0)
      concurrent-ruby (>= 1.1.6)
      mime-types (>= 3.0)
    pp (0.6.2)
      prettyprint
    prettyprint (0.2.0)
    prism (1.4.0)
    propshaft (1.2.0)
      actionpack (>= 7.0.0)
      activesupport (>= 7.0.0)
      rack
    psych (5.2.6)
      date
      stringio
    public_suffix (6.0.2)
    puma (6.6.0)
      nio4r (~> 2.0)
    racc (1.8.1)
    rack (3.1.16)
    rack-session (2.1.1)
      base64 (>= 0.1.0)
      rack (>= 3.0.0)
    rack-test (2.2.0)
      rack (>= 1.3)
    rackup (2.2.1)
      rack (>= 3)
    rails (8.0.2)
      actioncable (= 8.0.2)
      actionmailbox (= 8.0.2)
      actionmailer (= 8.0.2)
      actionpack (= 8.0.2)
      actiontext (= 8.0.2)
      actionview (= 8.0.2)
      activejob (= 8.0.2)
      activemodel (= 8.0.2)
      activerecord (= 8.0.2)
      activestorage (= 8.0.2)
      activesupport (= 8.0.2)
      bundler (>= 1.15.0)
      railties (= 8.0.2)
    rails-dom-testing (2.3.0)
      activesupport (>= 5.0.0)
      minitest
      nokogiri (>= 1.6)
    rails-html-sanitizer (1.6.2)
      loofah (~> 2.21)
      nokogiri (>= 1.15.7, != 1.16.7, != 1.16.6, != 1.16.5, != 1.16.4, != 1.16.3, != 1.16.2, != 1.16.1, != 1.16.0.rc1, != 1.16.0)
    railties (8.0.2)
      actionpack (= 8.0.2)
      activesupport (= 8.0.2)
      irb (~> 1.13)
      rackup (>= 1.0.0)
      rake (>= 12.2)
      thor (~> 1.0, >= 1.2.2)
      zeitwerk (~> 2.6)
    rainbow (3.1.1)
    rake (13.3.0)
    rb-fsevent (0.11.2)
    rb-inotify (0.11.1)
      ffi (~> 1.0)
    rdoc (6.14.2)
      erb
      psych (>= 4.0.0)
    regexp_parser (2.10.0)
    reline (0.6.1)
      io-console (~> 0.5)
    rexml (3.4.1)
    rubocop (1.78.0)
      json (~> 2.3)
      language_server-protocol (~> 3.17.0.2)
      lint_roller (~> 1.1.0)
      parallel (~> 1.10)
      parser (>= 3.3.0.2)
      rainbow (>= 2.2.2, < 4.0)
      regexp_parser (>= 2.9.3, < 3.0)
      rubocop-ast (>= 1.45.1, < 2.0)
      ruby-progressbar (~> 1.7)
      unicode-display_width (>= 2.4.0, < 4.0)
    rubocop-ast (1.45.1)
      parser (>= 3.3.7.2)
      prism (~> 1.4)
    rubocop-capybara (2.22.1)
      lint_roller (~> 1.1)
      rubocop (~> 1.72, >= 1.72.1)
    rubocop-minitest (0.38.1)
      lint_roller (~> 1.1)
      rubocop (>= 1.75.0, < 2.0)
      rubocop-ast (>= 1.38.0, < 2.0)
    rubocop-rails (2.32.0)
      activesupport (>= 4.2.0)
      lint_roller (~> 1.1)
      rack (>= 1.1)
      rubocop (>= 1.75.0, < 2.0)
      rubocop-ast (>= 1.44.0, < 2.0)
    ruby-progressbar (1.13.0)
    securerandom (0.4.1)
    simplecov (0.22.0)
      docile (~> 1.1)
      simplecov-html (~> 0.11)
      simplecov_json_formatter (~> 0.1)
    simplecov-html (0.13.2)
    simplecov_json_formatter (0.1.4)
    smart_properties (1.17.0)
    stringio (3.1.7)
    sucker_punch (3.2.0)
      concurrent-ruby (~> 1.0)
    thor (1.3.2)
    timeout (0.4.3)
    turbo-rails (2.0.16)
      actionpack (>= 7.1.0)
      railties (>= 7.1.0)
    tzinfo (2.0.6)
      concurrent-ruby (~> 1.0)
    unicode-display_width (3.1.4)
      unicode-emoji (~> 4.0, >= 4.0.4)
    unicode-emoji (4.0.4)
    uri (1.0.3)
    useragent (0.16.11)
    webmock (3.25.1)
      addressable (>= 2.8.0)
      crack (>= 0.3.2)
      hashdiff (>= 0.4.0, < 2.0.0)
    websocket-driver (0.8.0)
      base64
      websocket-extensions (>= 0.1.0)
    websocket-extensions (0.1.5)
    xpath (3.2.0)
      nokogiri (~> 1.8)
    zeitwerk (2.7.3)

PLATFORMS
  aarch64-linux
  arm-linux
  arm64-darwin
  ruby
  x86-linux
  x86_64-darwin
  x86_64-linux

DEPENDENCIES
  activerecord-session_store
  bugsnag
  capybara
  capybara-playwright-driver
  cssbundling-rails
  dotenv-rails
  dry-struct
  email_validator
  erb_lint
  herb
  jsbundling-rails
  kramdown
  kramdown-parser-gfm
  letter_opener
  listen
  nokogiri
  ostruct
  pg
  propshaft
  puma
  rails
  rubocop
  rubocop-capybara
  rubocop-minitest
  rubocop-rails
  simplecov
  sucker_punch
  turbo-rails
  webmock

CHECKSUMS
  actioncable (8.0.2) sha256=7bcce2df62e91a80143592600e16583c273e98aab50ae40a9f6a2604bb3289a0
  actionmailbox (8.0.2) sha256=3d8fb3453913e6257da4d02004bbfa2b997dfd10672f8d990e95013983e2cedb
  actionmailer (8.0.2) sha256=b0c968b38576ec56a3dc2795931818e0aaae6a18cc9801f53f175c12d4b277d0
  actionpack (8.0.2) sha256=93e703064f3815295ccf820f57acbca719aec836749597da9262781c9b2f4b78
  actiontext (8.0.2) sha256=a40db32032ee2fbb479d5d69318c4284344c1cda73836fd73ffcdb917d203abf
  actionview (8.0.2) sha256=e038e1405cdfc18f04f17243da4fb8eeda3a4992f63a6d70a7281d255cf7cebb
  activejob (8.0.2) sha256=b0228b45e36b1ef3a081c684e81494147e094a6baf729018756ccf125b1853ca
  activemodel (8.0.2) sha256=0ae1fb7fa1fae0699ba041a9e97702df42ea3b13f2d39f2d0fde51fca5f0656c
  activerecord (8.0.2) sha256=793470b92c44e4198d0262ac60086b7822f0ea585079ad67e32a6e4c86f2d90a
  activerecord-session_store (2.2.0) sha256=65918054573683bf4f87af89e765e1fece14c9d71cfac1f11abe4687c96e2743
  activestorage (8.0.2) sha256=f83d221e0f06ae38f2200e55490bd155c76d0add330f6e300e8646048d672977
  activesupport (8.0.2) sha256=8565cddba31b900cdc17682fd66ecd020441e3eef320a9930285394e8c07a45e
  addressable (2.8.7) sha256=462986537cf3735ab5f3c0f557f14155d778f4b43ea4f485a9deb9c8f7c58232
  ast (2.4.3) sha256=954615157c1d6a382bc27d690d973195e79db7f55e9765ac7c481c60bdb4d383
  base64 (0.3.0) sha256=27337aeabad6ffae05c265c450490628ef3ebd4b67be58257393227588f5a97b
  benchmark (0.4.1) sha256=d4ef40037bba27f03b28013e219b950b82bace296549ec15a78016552f8d2cce
  better_html (2.1.1) sha256=046c3551d1488a3f2939a7cac6fabf2bde08c32e135c91fcd683380118e5af55
  bigdecimal (3.2.2) sha256=39085f76b495eb39a79ce07af716f3a6829bc35eb44f2195e2753749f2fa5adc
  bugsnag (6.28.0) sha256=e53e7a6a4cd0d23284a6a04b2430b5efc1fffe34cf9e5c97e1b767507ad70696
  builder (3.3.0) sha256=497918d2f9dca528fdca4b88d84e4ef4387256d984b8154e9d5d3fe5a9c8835f
  capybara (3.40.0) sha256=42dba720578ea1ca65fd7a41d163dd368502c191804558f6e0f71b391054aeef
  capybara-playwright-driver (0.5.6) sha256=ef461ab97f9fca7df4ecdd10bb1b076d9246f804e89fc3ae127cf1677d855e26
  cgi (0.5.0) sha256=fe99f65bb2c146e294372ebb27602adbc3b4c008e9ea7038c6bd48c1ec9759da
  childprocess (5.1.0) sha256=9a8d484be2fd4096a0e90a0cd3e449a05bc3aa33f8ac9e4d6dcef6ac1455b6ec
  concurrent-ruby (1.3.5) sha256=813b3e37aca6df2a21a3b9f1d497f8cbab24a2b94cab325bffe65ee0f6cbebc6
  connection_pool (2.5.3) sha256=cfd74a82b9b094d1ce30c4f1a346da23ee19dc8a062a16a85f58eab1ced4305b
  crack (1.0.0) sha256=c83aefdb428cdc7b66c7f287e488c796f055c0839e6e545fec2c7047743c4a49
  crass (1.0.6) sha256=dc516022a56e7b3b156099abc81b6d2b08ea1ed12676ac7a5657617f012bd45d
  cssbundling-rails (1.4.3) sha256=53aecd5a7d24ac9c8fcd92975acd0e830fead4ee4583d3d3d49bb64651946e41
  date (3.4.1) sha256=bf268e14ef7158009bfeaec40b5fa3c7271906e88b196d958a89d4b408abe64f
  docile (1.4.1) sha256=96159be799bfa73cdb721b840e9802126e4e03dfc26863db73647204c727f21e
  dotenv (3.1.8) sha256=9e1176060ced581f8e6ce4384e91361817763a76e3c625c8bddc18b35bd392c3
  dotenv-rails (3.1.8) sha256=46c9d1226a8b58a83b5f61325aa8cffd25cea1c0fafdfbbbee1e5dfea77980c4
  drb (2.2.3) sha256=0b00d6fdb50995fe4a45dea13663493c841112e4068656854646f418fda13373
  dry-core (1.1.0) sha256=0903821a9707649a7da545a2cd88e20f3a663ab1c5288abd7f914fa7751ab195
  dry-inflector (1.2.0) sha256=22f5d0b50fd57074ae57e2ca17e3b300e57564c218269dcf82ff3e42d3f38f2e
  dry-logic (1.6.0) sha256=da6fedbc0f90fc41f9b0cc7e6f05f5d529d1efaef6c8dcc8e0733f685745cea2
  dry-struct (1.8.0) sha256=74c38b559924fb6462ac43ec780c4533a082d7b1d238a8d7857b773b3b8e2966
  dry-types (1.8.3) sha256=b5d97a45e0ed273131c0c3d5bc9f5633c2d1242e092ee47401ce7d5eab65c1bc
  email_validator (2.2.4) sha256=5ab238095bec7aef9389f230e9e0c64c5081cdf91f19d6c5cecee0a93af20604
  erb (5.0.2) sha256=d30f258143d4300fb4ecf430042ac12970c9bb4b33c974a545b8f58c1ec26c0f
  erb_lint (0.9.0) sha256=dfb5e40ad839e8d1f0d56ca85ec9a7ac4c9cd966ec281138282f35b323ca7c31
  erubi (1.13.1) sha256=a082103b0885dbc5ecf1172fede897f9ebdb745a4b97a5e8dc63953db1ee4ad9
  ffi (1.17.2) sha256=297235842e5947cc3036ebe64077584bff583cd7a4e94e9a02fdec399ef46da6
  ffi (1.17.2-aarch64-linux-gnu) sha256=c910bd3cae70b76690418cce4572b7f6c208d271f323d692a067d59116211a1a
  ffi (1.17.2-arm-linux-gnu) sha256=d4a438f2b40224ae42ec72f293b3ebe0ba2159f7d1bd47f8417e6af2f68dbaa5
  ffi (1.17.2-arm64-darwin) sha256=54dd9789be1d30157782b8de42d8f887a3c3c345293b57ffb6b45b4d1165f813
  ffi (1.17.2-x86-linux-gnu) sha256=95d8f9ebea23c39888e2ab85a02c98f54acb2f4e79b829250d7267ce741dc7b0
  ffi (1.17.2-x86_64-darwin) sha256=981f2d4e32ea03712beb26e55e972797c2c5a7b0257955d8667ba58f2da6440e
  ffi (1.17.2-x86_64-linux-gnu) sha256=05d2026fc9dbb7cfd21a5934559f16293815b7ce0314846fee2ac8efbdb823ea
  globalid (1.2.1) sha256=70bf76711871f843dbba72beb8613229a49429d1866828476f9c9d6ccc327ce9
  hashdiff (1.2.0) sha256=c984f13e115bfc9953332e8e83bd9d769cfde9944e2d54e07eb9df7b76e140b5
  herb (0.4.0) sha256=0a89997730f2dcef3de21623625f678693ee13bf299e507c25dd743b5b2e2cee
  herb (0.4.0-aarch64-linux-gnu) sha256=fe2332f4a4a78bc369bdb774eb27d9293c330ce10345e8c42649f82a7929221c
  herb (0.4.0-arm64-darwin) sha256=812351664d2d70c6a2ef45ca9e1b9a78202700c70886193f2a8de7b29982e23b
  herb (0.4.0-x86-linux-gnu) sha256=3d657d00ce40331180132fda56ac750948866833698b23e6d73ec6fe929a85bc
  herb (0.4.0-x86_64-darwin) sha256=5720a626d019e033eb7c2954275a577c8a918b73e867a03b1a74535b078f5fd8
  herb (0.4.0-x86_64-linux-gnu) sha256=81c2b405f0307869bb4929f036b2697e36b19cf9e62d1ba88ce3f94b5c54b1b8
  i18n (1.14.7) sha256=ceba573f8138ff2c0915427f1fc5bdf4aa3ab8ae88c8ce255eb3ecf0a11a5d0f
  ice_nine (0.11.2) sha256=5d506a7d2723d5592dc121b9928e4931742730131f22a1a37649df1c1e2e63db
  io-console (0.8.1) sha256=1e15440a6b2f67b6ea496df7c474ed62c860ad11237f29b3bd187f054b925fcb
  irb (1.15.2) sha256=222f32952e278da34b58ffe45e8634bf4afc2dc7aa9da23fed67e581aa50fdba
  jsbundling-rails (1.3.1) sha256=0fa03f6d051c694cbf55a022d8be53399879f2c4cf38b2968f86379c62b1c2ca
  json (2.12.2) sha256=ba94a48ad265605c8fa9a50a5892f3ba6a02661aa010f638211f3cb36f44abf4
  kramdown (2.5.1) sha256=87bbb6abd9d3cebe4fc1f33e367c392b4500e6f8fa19dd61c0972cf4afe7368c
  kramdown-parser-gfm (1.1.0) sha256=fb39745516427d2988543bf01fc4cf0ab1149476382393e0e9c48592f6581729
  language_server-protocol (3.17.0.5) sha256=fd1e39a51a28bf3eec959379985a72e296e9f9acfce46f6a79d31ca8760803cc
  launchy (3.1.1) sha256=72b847b5cc961589dde2c395af0108c86ff0119f42d4648d25b5440ebb10059e
  letter_opener (1.10.0) sha256=2ff33f2e3b5c3c26d1959be54b395c086ca6d44826e8bf41a14ff96fdf1bdbb2
  lint_roller (1.1.0) sha256=2c0c845b632a7d172cb849cc90c1bce937a28c5c8ccccb50dfd46a485003cc87
  listen (3.9.0) sha256=db9e4424e0e5834480385197c139cb6b0ae0ef28cc13310cfd1ca78377d59c67
  logger (1.7.0) sha256=196edec7cc44b66cfb40f9755ce11b392f21f7967696af15d274dde7edff0203
  loofah (2.24.1) sha256=655a30842b70ec476410b347ab1cd2a5b92da46a19044357bbd9f401b009a337
  mail (2.8.1) sha256=ec3b9fadcf2b3755c78785cb17bc9a0ca9ee9857108a64b6f5cfc9c0b5bfc9ad
  marcel (1.0.4) sha256=0d5649feb64b8f19f3d3468b96c680bae9746335d02194270287868a661516a4
  matrix (0.4.3) sha256=a0d5ab7ddcc1973ff690ab361b67f359acbb16958d1dc072b8b956a286564c5b
  mime-types (3.7.0) sha256=dcebf61c246f08e15a4de34e386ebe8233791e868564a470c3fe77c00eed5e56
  mime-types-data (3.2025.0610) sha256=223b3fedf92848ea6a4a407e0977175a36a018fb94d48edaa454ff4298ad68c0
  mini_mime (1.1.5) sha256=8681b7e2e4215f2a159f9400b5816d85e9d8c6c6b491e96a12797e798f8bccef
  mini_portile2 (2.8.9) sha256=0cd7c7f824e010c072e33f68bc02d85a00aeb6fce05bb4819c03dfd3c140c289
  minitest (5.25.5) sha256=391b6c6cb43a4802bfb7c93af1ebe2ac66a210293f4a3fb7db36f2fc7dc2c756
  net-imap (0.5.8) sha256=52aa5fdfc1a8a3df1f793b20a327e95b5a9dfe1d733e1f0d53075d2dbcfcf593
  net-pop (0.1.2) sha256=848b4e982013c15b2f0382792268763b748cce91c9e91e36b0f27ed26420dff3
  net-protocol (0.2.2) sha256=aa73e0cba6a125369de9837b8d8ef82a61849360eba0521900e2c3713aa162a8
  net-smtp (0.5.1) sha256=ed96a0af63c524fceb4b29b0d352195c30d82dd916a42f03c62a3a70e5b70736
  nio4r (2.7.4) sha256=d95dee68e0bb251b8ff90ac3423a511e3b784124e5db7ff5f4813a220ae73ca9
  nokogiri (1.18.8) sha256=8c7464875d9ca7f71080c24c0db7bcaa3940e8be3c6fc4bcebccf8b9a0016365
  nokogiri (1.18.8-aarch64-linux-gnu) sha256=36badd2eb281fca6214a5188e24a34399b15d89730639a068d12931e2adc210e
  nokogiri (1.18.8-arm-linux-gnu) sha256=17de01ca3adf9f8e187883ed73c672344d3dbb3c260f88ffa1008e8dc255a28e
  nokogiri (1.18.8-arm64-darwin) sha256=483b5b9fb33653f6f05cbe00d09ea315f268f0e707cfc809aa39b62993008212
  nokogiri (1.18.8-x86_64-darwin) sha256=024cdfe7d9ae3466bba6c06f348fb2a8395d9426b66a3c82f1961b907945cc0c
  nokogiri (1.18.8-x86_64-linux-gnu) sha256=4a747875db873d18a2985ee2c320a6070c4a414ad629da625fbc58d1a20e5ecc
  ostruct (0.6.3) sha256=95a2ed4a4bd1d190784e666b47b2d3f078e4a9efda2fccf18f84ddc6538ed912
  parallel (1.27.0) sha256=4ac151e1806b755fb4e2dc2332cbf0e54f2e24ba821ff2d3dcf86bf6dc4ae130
  parser (3.3.8.0) sha256=2476364142b307fa5a1b1ece44f260728be23858a9c71078e956131a75453c45
  pg (1.5.9) sha256=761efbdf73b66516f0c26fcbe6515dc7500c3f0aa1a1b853feae245433c64fdc
  playwright-ruby-client (1.52.0) sha256=4a413f4176fcd794251909780d6b50a9b2791e59160cdc893dac1409459e9c84
  pp (0.6.2) sha256=947ec3120c6f92195f8ee8aa25a7b2c5297bb106d83b41baa02983686577b6ff
  prettyprint (0.2.0) sha256=2bc9e15581a94742064a3cc8b0fb9d45aae3d03a1baa6ef80922627a0766f193
  prism (1.4.0) sha256=dc0e3e00e93160213dc2a65519d9002a4a1e7b962db57d444cf1a71565bb703e
  propshaft (1.2.0) sha256=b66038c76a52232e8f836a7eca36c5f82ca8b8e641ef391c31c88fa34db5a6e4
  psych (5.2.6) sha256=814328aa5dcb6d604d32126a20bc1cbcf05521a5b49dbb1a8b30a07e580f316e
  public_suffix (6.0.2) sha256=bfa7cd5108066f8c9602e0d6d4114999a5df5839a63149d3e8b0f9c1d3558394
  puma (6.6.0) sha256=f25c06873eb3d5de5f0a4ebc783acc81a4ccfe580c760cfe323497798018ad87
  racc (1.8.1) sha256=4a7f6929691dbec8b5209a0b373bc2614882b55fc5d2e447a21aaa691303d62f
  rack (3.1.16) sha256=efb5606c351efc56b85b10c3493055d0d35209d23f44792ec4e1183eb0234635
  rack-session (2.1.1) sha256=0b6dc07dea7e4b583f58a48e8b806d4c9f1c6c9214ebc202ec94562cbea2e4e9
  rack-test (2.2.0) sha256=005a36692c306ac0b4a9350355ee080fd09ddef1148a5f8b2ac636c720f5c463
  rackup (2.2.1) sha256=f737191fd5c5b348b7f0a4412a3b86383f88c43e13b8217b63d4c8d90b9e798d
  rails (8.0.2) sha256=fdfaa5a83ec0388e02864e88d515959caedc88053b5f701c4deb1652d8f164c6
  rails-dom-testing (2.3.0) sha256=8acc7953a7b911ca44588bf08737bc16719f431a1cc3091a292bca7317925c1d
  rails-html-sanitizer (1.6.2) sha256=35fce2ca8242da8775c83b6ba9c1bcaad6751d9eb73c1abaa8403475ab89a560
  railties (8.0.2) sha256=0d7c3f40c49ba74980f1bac1d4bb153a9331c5ee8a9631d89c7bf79db82e5cf9
  rainbow (3.1.1) sha256=039491aa3a89f42efa1d6dec2fc4e62ede96eb6acd95e52f1ad581182b79bc6a
  rake (13.3.0) sha256=96f5092d786ff412c62fde76f793cc0541bd84d2eb579caa529aa8a059934493
  rb-fsevent (0.11.2) sha256=43900b972e7301d6570f64b850a5aa67833ee7d87b458ee92805d56b7318aefe
  rb-inotify (0.11.1) sha256=a0a700441239b0ff18eb65e3866236cd78613d6b9f78fea1f9ac47a85e47be6e
  rdoc (6.14.2) sha256=9fdd44df130f856ae70cc9a264dfd659b9b40de369b16581f4ab746e42439226
  regexp_parser (2.10.0) sha256=cb6f0ddde88772cd64bff1dbbf68df66d376043fe2e66a9ef77fcb1b0c548c61
  reline (0.6.1) sha256=1afcc9d7cb1029cdbe780d72f2f09251ce46d3780050f3ec39c3ccc6b60675fb
  rexml (3.4.1) sha256=c74527a9a0a04b4ec31dbe0dc4ed6004b960af943d8db42e539edde3a871abca
  rubocop (1.78.0) sha256=8b74a6f912eb4fd3e6878851f7f7f45dcad8c7185c34250d4f952b0ee80d6bc0
  rubocop-ast (1.45.1) sha256=94042e49adc17f187ba037b33f941ba7398fede77cdf4bffafba95190a473a3e
  rubocop-capybara (2.22.1) sha256=ced88caef23efea53f46e098ff352f8fc1068c649606ca75cb74650970f51c0c
  rubocop-minitest (0.38.1) sha256=f997aa8043d45b1556b818f5dec872ad03c1ab97cd3fb721b0c2aef02dbf7a81
  rubocop-rails (2.32.0) sha256=9fcc623c8722fe71e835e99c4a18b740b5b0d3fb69915d7f0777f00794b30490
  ruby-progressbar (1.13.0) sha256=80fc9c47a9b640d6834e0dc7b3c94c9df37f08cb072b7761e4a71e22cff29b33
  securerandom (0.4.1) sha256=cc5193d414a4341b6e225f0cb4446aceca8e50d5e1888743fac16987638ea0b1
  simplecov (0.22.0) sha256=fe2622c7834ff23b98066bb0a854284b2729a569ac659f82621fc22ef36213a5
  simplecov-html (0.13.2) sha256=bd0b8e54e7c2d7685927e8d6286466359b6f16b18cb0df47b508e8d73c777246
  simplecov_json_formatter (0.1.4) sha256=529418fbe8de1713ac2b2d612aa3daa56d316975d307244399fa4838c601b428
  smart_properties (1.17.0) sha256=f9323f8122e932341756ddec8e0ac9ec6e238408a7661508be99439ca6d6384b
  stringio (3.1.7) sha256=5b78b7cb242a315fb4fca61a8255d62ec438f58da2b90be66048546ade4507fa
  sucker_punch (3.2.0) sha256=8eeb8d59254210f85b57fc9534c5a64f5e7d7498060dd6b9b50e33a89b100567
  thor (1.3.2) sha256=eef0293b9e24158ccad7ab383ae83534b7ad4ed99c09f96f1a6b036550abbeda
  timeout (0.4.3) sha256=9509f079b2b55fe4236d79633bd75e34c1c1e7e3fb4b56cb5fda61f80a0fe30e
  turbo-rails (2.0.16) sha256=d24e1b60f0c575b3549ecda967e5391027143f8220d837ed792c8d48ea0ea38d
  tzinfo (2.0.6) sha256=8daf828cc77bcf7d63b0e3bdb6caa47e2272dcfaf4fbfe46f8c3a9df087a829b
  unicode-display_width (3.1.4) sha256=8caf2af1c0f2f07ec89ef9e18c7d88c2790e217c482bfc78aaa65eadd5415ac1
  unicode-emoji (4.0.4) sha256=2c2c4ef7f353e5809497126285a50b23056cc6e61b64433764a35eff6c36532a
  uri (1.0.3) sha256=e9f2244608eea2f7bc357d954c65c910ce0399ca5e18a7a29207ac22d8767011
  useragent (0.16.11) sha256=700e6413ad4bb954bb63547fa098dddf7b0ebe75b40cc6f93b8d54255b173844
  webmock (3.25.1) sha256=ab9d5d9353bcbe6322c83e1c60a7103988efc7b67cd72ffb9012629c3d396323
  websocket-driver (0.8.0) sha256=ed0dba4b943c22f17f9a734817e808bc84cdce6a7e22045f5315aa57676d4962
  websocket-extensions (0.1.5) sha256=1c6ba63092cda343eb53fc657110c71c754c56484aad42578495227d717a8241
  xpath (3.2.0) sha256=6dfda79d91bb3b949b947ecc5919f042ef2f399b904013eb3ef6d20dd3a4082e
  zeitwerk (2.7.3) sha256=b2e86b4a9b57d26ba68a15230dcc7fe6f040f06831ce64417b0621ad96ba3e85

RUBY VERSION
   ruby 3.4.4p34

BUNDLED WITH
   2.6.9
